GEM
  remote: http://rubygems.org/
  specs:
    haml (3.1.4)
    json (1.7.6)
    listen (0.7.2)
    nokogiri (1.5.5)
    rack (1.4.3)
    rack-protection (1.3.2)
      rack
    rerun (0.8.0)
      listen
    sinatra (1.3.3)
      rack (~> 1.3, >= 1.3.6)
      rack-protection (~> 1.2)
      tilt (~> 1.3, >= 1.3.3)
    tempodb (0.5.3)
      json
    tilt (1.3.3)

PLATFORMS
  ruby

DEPENDENCIES
  haml
  nokogiri
  rerun
  sinatra
  tempodb
