GEM
  remote: http://rubygems.org/
  specs:
    json (1.7.6)
    nokogiri (1.5.5)
    rack (1.4.3)
    rack-protection (1.3.2)
      rack
    sinatra (1.3.3)
      rack (~> 1.3, >= 1.3.6)
      rack-protection (~> 1.2)
      tilt (~> 1.3, >= 1.3.3)
    tempodb (0.5.3)
      json
    tilt (1.3.3)

PLATFORMS
  ruby

DEPENDENCIES
  nokogiri
  sinatra
  tempodb
